RESTRICTION: == net462
NUGET
  remote: https://www.nuget.org/api/v2
    FAKE (4.64.4)
    FSharp.Compiler.Service (2.0.0.6)
    FSharp.Core (4.3.4)
    FSharp.Formatting (2.14.4)
      FSharp.Compiler.Service (2.0.0.6)
      FSharpVSPowerTools.Core (>= 2.3 < 2.4)
    FSharpVSPowerTools.Core (2.3)
      FSharp.Compiler.Service (>= 2.0.0.3)
    ILMerge.MSBuild.Tasks.Prime (1.0)
    Microsoft.Web.Xdt (2.1.1)
    NuGet.Core (2.14)
      Microsoft.Web.Xdt (>= 2.1)

GROUP base
LOWEST_MATCHING: TRUE
NUGET
  remote: https://www.nuget.org/api/v2
    Microsoft.CrmSdk.CoreAssemblies (5.0.17)
      Microsoft.IdentityModel (>= 6.1.7600.16394) - restriction: >= net40
    Microsoft.CrmSdk.Workflow (5.0.17)
      Microsoft.CrmSdk.CoreAssemblies (>= 5.0.17) - restriction: >= net40
    Microsoft.IdentityModel (6.1.7600.16394) - restriction: >= net40

GROUP Build
NUGET
  remote: https://www.nuget.org/api/v2
    FAKE (4.62.5)
    FSharp.Compiler.Service (2.0.0.6)
    FSharp.Formatting (2.14.4)
      FSharp.Compiler.Service (2.0.0.6)
      FSharpVSPowerTools.Core (>= 2.3 < 2.4)
    FSharpVSPowerTools.Core (2.3)
      FSharp.Compiler.Service (>= 2.0.0.3)
    Microsoft.Bcl (1.1.10) - restriction: && (< net45) (< win8) (< portable-win81+wpa81)
      Microsoft.Bcl.Build (>= 1.0.14)
    Microsoft.Bcl.Build (1.0.21) - import_targets: false, restriction: && (< net45) (< win8) (< portable-win81+wpa81)
    Microsoft.Net.Http (2.2.29) - restriction: && (< net45) (< win8) (< portable-win81+wpa81)
      Microsoft.Bcl (>= 1.1.10)
      Microsoft.Bcl.Build (>= 1.0.14)
    Octokit (0.24)
      Microsoft.Net.Http  - restriction: && (< net45) (< win8) (< portable-win81+wpa81)
    SourceLink.Fake (1.1)
GITHUB
  remote: fsharp/FAKE
    modules/Octokit/Octokit.fsx (9b496581e49c116cff9911570df871eb0258ac83)
      Octokit (>= 0.20)
GROUP crm2011
NUGET
  remote: https://www.nuget.org/api/v2
    Microsoft.CrmSdk.CoreAssemblies (5.0.18)
      Microsoft.IdentityModel (>= 6.1.7600.16394) - restriction: >= net40
    Microsoft.CrmSdk.Workflow (5.0.18)
      Microsoft.CrmSdk.CoreAssemblies (>= 5.0.17) - restriction: >= net40
    Microsoft.IdentityModel (6.1.7600.16394) - restriction: >= net40

GROUP crm2013
NUGET
  remote: https://www.nuget.org/api/v2
    Microsoft.CrmSdk.CoreAssemblies (6.1.2)
      Microsoft.IdentityModel (>= 6.1.7600.16394) - restriction: >= net40
    Microsoft.CrmSdk.Workflow (6.1.1)
      Microsoft.CrmSdk.CoreAssemblies (>= 6.1.1) - restriction: >= net40
    Microsoft.IdentityModel (6.1.7600.16394) - restriction: >= net40

GROUP crm2015
NUGET
  remote: https://www.nuget.org/api/v2
    Microsoft.CrmSdk.CoreAssemblies (7.1.1)
      Microsoft.IdentityModel (>= 6.1.7600.16394) - restriction: >= net35
    Microsoft.CrmSdk.Workflow (7.1.1)
      Microsoft.CrmSdk.CoreAssemblies (>= 7.1.1) - restriction: >= net45
    Microsoft.IdentityModel (6.1.7600.16394) - restriction: >= net35

GROUP crm2016
NUGET
  remote: https://www.nuget.org/api/v2
    Microsoft.CrmSdk.CoreAssemblies (8.2.0.2)
      Microsoft.IdentityModel (>= 6.1.7600.16394) - restriction: >= net35
    Microsoft.CrmSdk.Workflow (8.2.0.2)
      Microsoft.CrmSdk.CoreAssemblies (>= 8.2) - restriction: >= net45
    Microsoft.IdentityModel (6.1.7600.16394) - restriction: >= net35

GROUP crm365
NUGET
  remote: https://www.nuget.org/api/v2
    Microsoft.CrmSdk.CoreAssemblies (8.2.0.2)
      Microsoft.IdentityModel (>= 6.1.7600.16394) - restriction: >= net35
    Microsoft.CrmSdk.Workflow (8.2.0.2)
      Microsoft.CrmSdk.CoreAssemblies (>= 8.2) - restriction: >= net45
    Microsoft.IdentityModel (6.1.7600.16394) - restriction: >= net35
